GEM
  remote: https://rubygems.org/
  specs:
    activemodel (5.2.2)
      activesupport (= 5.2.2)
    activerecord (5.2.2)
      activemodel (= 5.2.2)
      activesupport (= 5.2.2)
      arel (>= 9.0)
    activesupport (5.2.2)
      concurrent-ruby (~> 1.0, >= 1.0.2)
      i18n (>= 0.7, < 2)
      minitest (~> 5.1)
      tzinfo (~> 1.1)
    arel (9.0.0)
    coderay (1.1.2)
    concurrent-ruby (1.1.4)
    database_cleaner (1.7.0)
    diff-lcs (1.3)
    equatable (0.5.0)
    i18n (1.6.0)
      concurrent-ruby (~> 1.0)
    method_source (0.9.2)
    minitest (5.11.3)
    necromancer (0.4.0)
    pastel (0.7.2)
      equatable (~> 0.5.0)
      tty-color (~> 0.4.0)
    pry (0.12.2)
      coderay (~> 1.1.0)
      method_source (~> 0.9.0)
    rake (12.3.2)
    rspec (3.8.0)
      rspec-core (~> 3.8.0)
      rspec-expectations (~> 3.8.0)
      rspec-mocks (~> 3.8.0)
    rspec-core (3.8.0)
      rspec-support (~> 3.8.0)
    rspec-expectations (3.8.2)
      diff-lcs (>= 1.2.0, < 2.0)
      rspec-support (~> 3.8.0)
    rspec-mocks (3.8.0)
      diff-lcs (>= 1.2.0, < 2.0)
      rspec-support (~> 3.8.0)
    rspec-support (3.8.0)
    sqlite3 (1.3.13)
    thread_safe (0.3.6)
    tty (0.7.0)
      equatable (~> 0.5.0)
      pastel (~> 0.7.0)
      tty-color (~> 0.4.0)
      tty-command (~> 0.4.0)
      tty-cursor (~> 0.4.0)
      tty-editor (~> 0.2.0)
      tty-file (~> 0.3.0)
      tty-pager (~> 0.7.0)
      tty-platform (~> 0.1.0)
      tty-progressbar (~> 0.10.0)
      tty-prompt (~> 0.12.0)
      tty-screen (~> 0.5.0)
      tty-spinner (~> 0.4.0)
      tty-table (~> 0.8.0)
      tty-which (~> 0.3.0)
    tty-color (0.4.3)
    tty-command (0.4.0)
      pastel (~> 0.7.0)
    tty-cursor (0.4.0)
    tty-editor (0.2.0)
      tty-prompt (~> 0.12.0)
      tty-which (~> 0.3.0)
    tty-file (0.3.0)
      diff-lcs (~> 1.3.0)
      pastel (~> 0.7.0)
      tty-prompt (~> 0.12.0)
    tty-pager (0.7.1)
      tty-screen (~> 0.5.0)
      tty-which (~> 0.3.0)
      verse (~> 0.5.0)
    tty-platform (0.1.0)
    tty-progressbar (0.10.1)
      tty-screen (~> 0.5.0)
    tty-prompt (0.12.0)
      necromancer (~> 0.4.0)
      pastel (~> 0.7.0)
      tty-cursor (~> 0.4.0)
      wisper (~> 1.6.1)
    tty-screen (0.5.1)
    tty-spinner (0.4.1)
    tty-table (0.8.0)
      equatable (~> 0.5.0)
      necromancer (~> 0.4.0)
      pastel (~> 0.7.0)
      tty-screen (~> 0.5.0)
      unicode-display_width (~> 1.1.0)
      verse (~> 0.5.0)
    tty-which (0.3.0)
    tzinfo (1.2.5)
      thread_safe (~> 0.1)
    unicode-display_width (1.1.3)
    unicode_utils (1.4.0)
    verse (0.5.0)
      unicode-display_width (~> 1.1.0)
      unicode_utils (~> 1.4.0)
    wisper (1.6.1)

PLATFORMS
  ruby

DEPENDENCIES
  activerecord
  database_cleaner
  pry
  rake
  rspec
  sqlite3 (~> 1.3.6)
  tty

BUNDLED WITH
   2.0.1
